GEM
  remote: http://rubygems.org/
  specs:
    font-awesome-sass (4.5.0)
      sass (>= 3.2)
    sass (3.4.22)

PLATFORMS
  ruby

DEPENDENCIES
  font-awesome-sass (~> 4.5.0)
  sass

BUNDLED WITH
   1.11.2
